PATH
  remote: ..
  specs:
    minimal-mistakes-jekyll (4.26.2)
      jekyll (>= 3.7, < 5.0)
      jekyll-feed (~> 0.1)
      jekyll-gist (~> 1.5)
      jekyll-include-cache (~> 0.1)
      jekyll-paginate (~> 1.1)
      jekyll-sitemap (~> 1.3)

GEM
  remote: https://rubygems.org/
  specs:
    addressable (2.8.7)
      public_suffix (>= 2.0.2, < 7.0)
    algolia_html_extractor (2.6.4)
      json (~> 2.0)
      nokogiri (~> 1.10)
    algoliasearch (1.27.5)
      httpclient (~> 2.8, >= 2.8.3)
      json (>= 1.5.1)
    base64 (0.2.0)
    colorator (1.1.0)
    concurrent-ruby (1.3.3)
    em-websocket (0.5.3)
      eventmachine (>= 0.12.9)
      http_parser.rb (~> 0)
    eventmachine (1.2.7)
    faraday (2.8.1)
      base64
      faraday-net_http (>= 2.0, < 3.1)
      ruby2_keywords (>= 0.0.4)
    faraday-net_http (3.0.2)
    ffi (1.17.0)
    filesize (0.2.0)
    forwardable-extended (2.6.0)
    google-protobuf (3.25.3)
    http_parser.rb (0.8.0)
    httpclient (2.8.3)
    i18n (1.14.5)
      concurrent-ruby (~> 1.0)
    jekyll (4.3.3)
      addressable (~> 2.4)
      colorator (~> 1.0)
      em-websocket (~> 0.5)
      i18n (~> 1.0)
      jekyll-sass-converter (>= 2.0, < 4.0)
      jekyll-watch (~> 2.0)
      kramdown (~> 2.3, >= 2.3.1)
      kramdown-parser-gfm (~> 1.0)
      liquid (~> 4.0)
      mercenary (>= 0.3.6, < 0.5)
      pathutil (~> 0.9)
      rouge (>= 3.0, < 5.0)
      safe_yaml (~> 1.0)
      terminal-table (>= 1.8, < 4.0)
      webrick (~> 1.7)
    jekyll-algolia (1.7.1)
      algolia_html_extractor (~> 2.6)
      algoliasearch (~> 1.26)
      filesize (~> 0.1)
      jekyll (>= 3.6, < 5.0)
      json (~> 2.0)
      nokogiri (~> 1.6)
      progressbar (~> 1.9)
      verbal_expressions (~> 0.1.5)
    jekyll-feed (0.17.0)
      jekyll (>= 3.7, < 5.0)
    jekyll-gist (1.5.0)
      octokit (~> 4.2)
    jekyll-include-cache (0.2.1)
      jekyll (>= 3.7, < 5.0)
    jekyll-paginate (1.1.0)
    jekyll-sass-converter (3.0.0)
      sass-embedded (~> 1.54)
    jekyll-sitemap (1.4.0)
      jekyll (>= 3.7, < 5.0)
    jekyll-watch (2.2.1)
      listen (~> 3.0)
    json (2.7.2)
    kramdown (2.4.0)
      rexml
    kramdown-parser-gfm (1.1.0)
      kramdown (~> 2.0)
    liquid (4.0.4)
    listen (3.9.0)
      rb-fsevent (~> 0.10, >= 0.10.3)
      rb-inotify (~> 0.9, >= 0.9.10)
    mercenary (0.4.0)
    mini_portile2 (2.8.7
    minima (2.5.1)
      jekyll (>= 3.5, < 5.0)
      jekyll-feed (~> 0.9)
      jekyll-seo-tag (~> 2.1)
    minitest (5.24.1)
    mutex_m (0.2.0)
    nokogiri (1.16.5)
      mini_portile2 (~> 2.8.2)
      racc (~> 1.4)
    octokit (4.25.1)
      faraday (>= 1, < 3)
      sawyer (~> 0.9)
    pathutil (0.16.2)
      forwardable-extended (~> 2.6)
    progressbar (1.13.0)
    public_suffix (5.1.1)
    racc (1.8.0)
    rake (13.2.1)
    rb-fsevent (0.11.2)
    rb-inotify (0.11.1)
      ffi (~> 1.0)
    rexml (3.3.2)
      strscan
    rouge (4.3.0)
    ruby2_keywords (0.0.5)
    safe_yaml (1.0.5)
    sass-embedded (1.63.6)
      google-protobuf (~> 3.23)
      rake (>= 13.0.0)
    sawyer (0.9.2)
      addressable (>= 2.3.5)
      faraday (>= 0.17.3, < 3)
    strscan (3.1.0)
    terminal-table (3.0.2)
      unicode-display_width (>= 1.1.1, < 3)
    unicode-display_width (2.5.0)
    verbal_expressions (0.1.5)
    webrick (1.8.1)

PLATFORMS
  ruby

DEPENDENCIES

  github-pages (= 231)
  github-pages-health-check (= 1.18.2)
  html-pipeline (= 2.14.3)
  jekyll (= 3.9.5)
  jekyll-avatar (= 0.8.0)
  jekyll-coffeescript (= 1.2.2)
  jekyll-commonmark-ghpages (= 0.4.0)
  jekyll-default-layout (= 0.1.5)
  jekyll-feed (= 0.17.0)
  jekyll-gist (= 1.5.0)
  jekyll-github-metadata (= 2.16.1)
  jekyll-include-cache (= 0.2.1)
  jekyll-mentions (= 1.6.0)
  jekyll-optional-front-matter (= 0.3.2)
  jekyll-paginate (= 1.1.0)
  jekyll-readme-index (= 0.3.0)
  jekyll-redirect-from (= 0.16.0)
  jekyll-relative-links (= 0.6.1)
  jekyll-remote-theme (= 0.4.3)
  jekyll-sass-converter (= 1.5.2)
  jekyll-seo-tag (= 2.8.0)
  jekyll-sitemap (= 1.4.0)
  jekyll-swiss (= 1.0.0)
  jekyll-theme-architect (= 0.2.0)
  jekyll-theme-cayman (= 0.2.0)
  jekyll-theme-dinky (= 0.2.0)
  jekyll-theme-hacker (= 0.2.0)
  jekyll-theme-leap-day (= 0.2.0)
  jekyll-theme-merlot (= 0.2.0)
  jekyll-theme-midnight (= 0.2.0)
  jekyll-theme-minimal (= 0.2.0)
  jekyll-theme-modernist (= 0.2.0)
  jekyll-theme-primer (= 0.6.0)
  jekyll-theme-slate (= 0.2.0)
  jekyll-theme-tactile (= 0.2.0)
  jekyll-theme-time-machine (= 0.2.0)
  jekyll-titles-from-headings (= 0.5.3)
  jemoji (= 0.13.0)
  kramdown (= 2.4.0)
  kramdown-parser-gfm (= 1.1.0)
  liquid (= 4.0.4)
  minima (= 2.5.1)
  nokogiri (= 1.16.5)
  rouge (= 3.30.0)
  safe_yaml (= 1.0.5)
  sass (= 3.7.4)
  jekyll-algolia (~> 1.0)
  minimal-mistakes-jekyll!
  webrick

BUNDLED WITH
   2.1.4
